PATH
  remote: .
  specs:
    art_world (0.1.0)

GEM
  remote: https://rubygems.org/
  specs:
    coderay (1.1.3)
    method_source (1.0.0)
    pry (0.14.1)
      coderay (~> 1.1)
      method_source (~> 1.0)
    rake (13.0.4)

PLATFORMS
  ruby

DEPENDENCIES
  art_world!
  bundler (~> 1.16)
  pry
  rake (~> 13.0)

BUNDLED WITH
   1.17.1
